PATH
  remote: .
  specs:
    deribit-api (0.1.1)
      faraday
      faraday_middleware
      hashie

GEM
  remote: https://rubygems.org/
  specs:
    bump (0.7.0)
    coderay (1.1.2)
    docile (1.3.1)
    faraday (0.15.4)
      multipart-post (>= 1.2, < 3)
    faraday_middleware (0.13.1)
      faraday (>= 0.7.4, < 1.0)
    hashie (3.6.0)
    json (2.1.0)
    method_source (0.9.2)
    minitest (5.11.3)
    multipart-post (2.0.0)
    pry (0.12.2)
      coderay (~> 1.1.0)
      method_source (~> 0.9.0)
    rake (10.5.0)
    simplecov (0.16.1)
      docile (~> 1.1)
      json (>= 1.8, < 3)
      simplecov-html (~> 0.10.0)
    simplecov-html (0.10.2)

PLATFORMS
  ruby

DEPENDENCIES
  bump
  bundler
  deribit-api!
  minitest
  pry
  rake
  simplecov

BUNDLED WITH
   2.0.1
