PATH
  remote: .
  specs:
    deribit-api (0.1.2)
      faraday
      faraday_middleware
      faye-websocket
      hashie

GEM
  remote: https://rubygems.org/
  specs:
    ast (2.4.0)
    axiom-types (0.1.1)
      descendants_tracker (~> 0.0.4)
      ice_nine (~> 0.11.0)
      thread_safe (~> 0.3, >= 0.3.1)
    bump (0.8.0)
    codeclimate-engine-rb (0.4.1)
      virtus (~> 1.0)
    coderay (1.1.2)
    coercible (1.0.0)
      descendants_tracker (~> 0.0.1)
    descendants_tracker (0.0.4)
      thread_safe (~> 0.3, >= 0.3.1)
    docile (1.3.2)
    dotenv (2.7.4)
    equalizer (0.0.11)
    eventmachine (1.2.7)
    faraday (0.15.4)
      multipart-post (>= 1.2, < 3)
    faraday_middleware (0.13.1)
      faraday (>= 0.7.4, < 1.0)
    faye-websocket (0.10.9)
      eventmachine (>= 0.12.0)
      websocket-driver (>= 0.5.1)
    hashie (3.6.0)
    ice_nine (0.11.2)
    json (2.2.0)
    kwalify (0.7.2)
    method_source (0.9.2)
    minitest (5.11.3)
    multipart-post (2.1.1)
    parser (2.6.3.0)
      ast (~> 2.4.0)
    pry (0.12.2)
      coderay (~> 1.1.0)
      method_source (~> 0.9.0)
    pry-doc (1.0.0)
      pry (~> 0.11)
      yard (~> 0.9.11)
    psych (3.1.0)
    rainbow (3.0.0)
    rake (12.3.2)
    reek (5.4.0)
      codeclimate-engine-rb (~> 0.4.0)
      kwalify (~> 0.7.0)
      parser (>= 2.5.0.0, < 2.7, != 2.5.1.1)
      psych (~> 3.1.0)
      rainbow (>= 2.0, < 4.0)
    simplecov (0.17.0)
      docile (~> 1.1)
      json (>= 1.8, < 3)
      simplecov-html (~> 0.10.0)
    simplecov-html (0.10.2)
    thread_safe (0.3.6)
    virtus (1.0.5)
      axiom-types (~> 0.1)
      coercible (~> 1.0)
      descendants_tracker (~> 0.0, >= 0.0.3)
      equalizer (~> 0.0, >= 0.0.9)
    websocket-driver (0.7.1)
      websocket-extensions (>= 0.1.0)
    websocket-extensions (0.1.4)
    yard (0.9.20)

PLATFORMS
  ruby

DEPENDENCIES
  bump
  bundler
  deribit-api!
  dotenv
  minitest
  pry
  pry-doc
  rake
  reek
  simplecov

BUNDLED WITH
   2.0.2
